GEM
  remote: https://rubygems.org/
  specs:
    aws-sdk (2.6.14)
      aws-sdk-resources (= 2.6.14)
    aws-sdk-core (2.6.14)
      jmespath (~> 1.0)
    aws-sdk-resources (2.6.14)
      aws-sdk-core (= 2.6.14)
    inquirer (0.2.1)
      term-ansicolor (>= 1.2.2)
    jmespath (1.3.1)
    term-ansicolor (1.4.0)
      tins (~> 1.0)
    tins (1.12.0)

PLATFORMS
  ruby

DEPENDENCIES
  aws-sdk
  inquirer

BUNDLED WITH
   1.13.3
