PATH
  remote: .
  specs:
    sqs-cli (0.1.0)
      aws-sdk
      inquirer

GEM
  remote: https://rubygems.org/
  specs:
    aws-sdk (2.6.28)
      aws-sdk-resources (= 2.6.28)
    aws-sdk-core (2.6.28)
      aws-sigv4 (~> 1.0)
      jmespath (~> 1.0)
    aws-sdk-resources (2.6.28)
      aws-sdk-core (= 2.6.28)
    aws-sigv4 (1.0.0)
    inquirer (0.2.1)
      term-ansicolor (>= 1.2.2)
    jmespath (1.3.1)
    minitest (5.9.1)
    rake (10.5.0)
    term-ansicolor (1.4.0)
      tins (~> 1.0)
    tins (1.13.0)

PLATFORMS
  ruby

DEPENDENCIES
  bundler (~> 1.13)
  minitest (~> 5.0)
  rake (~> 10.0)
  sqs-cli!

BUNDLED WITH
   1.13.3
