PATH
  remote: .
  specs:
    sqs-cli (0.1.0)
      aws-sdk-sqs
      inquirer

GEM
  remote: https://rubygems.org/
  specs:
    aws-partitions (1.63.0)
    aws-sdk-core (3.15.0)
      aws-partitions (~> 1.0)
      aws-sigv4 (~> 1.0)
      jmespath (~> 1.0)
    aws-sdk-sqs (1.3.0)
      aws-sdk-core (~> 3)
      aws-sigv4 (~> 1.0)
    aws-sigv4 (1.0.2)
    inquirer (0.2.1)
      term-ansicolor (>= 1.2.2)
    jmespath (1.3.1)
    minitest (5.9.1)
    rake (10.5.0)
    term-ansicolor (1.6.0)
      tins (~> 1.0)
    tins (1.16.3)

PLATFORMS
  ruby

DEPENDENCIES
  bundler (~> 1.13)
  minitest (~> 5.0)
  rake (~> 10.0)
  sqs-cli!

BUNDLED WITH
   1.16.1
